PATH
  remote: .
  specs:
    google-places (2.0.0)
      httparty (>= 0.13.1)

GEM
  remote: http://rubygems.org/
  specs:
    addressable (2.4.0)
    bigdecimal (3.1.6)
    crack (0.4.6)
      bigdecimal
      rexml
    diff-lcs (1.5.1)
    hashdiff (1.1.0)
    httparty (0.21.0)
      mini_mime (>= 1.0.0)
      multi_xml (>= 0.5.2)
    mini_mime (1.1.5)
    multi_xml (0.6.0)
    rexml (3.2.6)
    rspec (3.13.0)
      rspec-core (~> 3.13.0)
      rspec-expectations (~> 3.13.0)
      rspec-mocks (~> 3.13.0)
    rspec-core (3.13.0)
      rspec-support (~> 3.13.0)
    rspec-expectations (3.13.0)
      diff-lcs (>= 1.2.0, < 2.0)
      rspec-support (~> 3.13.0)
    rspec-mocks (3.13.0)
      diff-lcs (>= 1.2.0, < 2.0)
      rspec-support (~> 3.13.0)
    rspec-support (3.13.0)
    vcr (2.9.3)
    webmock (1.24.6)
      addressable (>= 2.3.6)
      crack (>= 0.3.2)
      hashdiff

PLATFORMS
  arm64-darwin-23
  ruby

DEPENDENCIES
  addressable (~> 2.4.0)
  google-places!
  rspec (~> 3.0)
  vcr (~> 2.9)
  webmock (~> 1.18)

BUNDLED WITH
   2.5.5
